STORAGE: NONE
RESTRICTION: == net8.0
NUGET
  remote: https://api.nuget.org/v3/index.json
    Fable.Remoting.Giraffe (5.19)
      Fable.Remoting.Server (>= 5.37)
      FSharp.Core (>= 6.0)
      Giraffe (>= 5.0)
      Microsoft.IO.RecyclableMemoryStream (>= 3.0 < 4.0)
    Fable.Remoting.Json (2.23)
      FSharp.Core (>= 6.0)
      Newtonsoft.Json (>= 12.0.2)
    Fable.Remoting.MsgPack (1.24)
      FSharp.Core (>= 4.7.2)
    Fable.Remoting.Server (5.37)
      Fable.Remoting.Json (>= 2.23)
      Fable.Remoting.MsgPack (>= 1.24)
      FSharp.Core (>= 6.0)
      Microsoft.IO.RecyclableMemoryStream (>= 3.0 < 4.0)
    Farmer (1.8.12)
      FSharp.Core (>= 5.0)
      System.Text.Json (>= 5.0)
    FSharp.Control.Websockets (0.3)
      FSharp.Core (>= 6.0)
      Microsoft.IO.RecyclableMemoryStream (>= 3.0)
    FSharp.Core (8.0.300)
    Giraffe (6.4)
      FSharp.Core (>= 6.0)
      Giraffe.ViewEngine (>= 1.4)
      Microsoft.IO.RecyclableMemoryStream (>= 3.0)
      Newtonsoft.Json (>= 13.0.3)
      System.Text.Json (>= 8.0.3)
    Giraffe.ViewEngine (1.4)
      FSharp.Core (>= 5.0)
    Microsoft.AspNetCore.Authentication.JwtBearer (8.0.6)
      Microsoft.IdentityModel.Protocols.OpenIdConnect (>= 7.1.2)
    Microsoft.IdentityModel.Abstractions (7.6.2)
    Microsoft.IdentityModel.JsonWebTokens (7.6.2)
      Microsoft.IdentityModel.Tokens (>= 7.6.2)
    Microsoft.IdentityModel.Logging (7.6.2)
      Microsoft.IdentityModel.Abstractions (>= 7.6.2)
    Microsoft.IdentityModel.Protocols (7.6.2)
      Microsoft.IdentityModel.Tokens (>= 7.6.2)
    Microsoft.IdentityModel.Protocols.OpenIdConnect (7.6.2)
      Microsoft.IdentityModel.Protocols (>= 7.6.2)
      System.IdentityModel.Tokens.Jwt (>= 7.6.2)
    Microsoft.IdentityModel.Tokens (7.6.2)
      Microsoft.IdentityModel.Logging (>= 7.6.2)
    Microsoft.IO.RecyclableMemoryStream (3.0.1)
    Newtonsoft.Json (13.0.3)
    SAFE.Server (5.0.5)
      Fable.Remoting.Giraffe (>= 5.19 < 6.0)
      FSharp.Core (>= 8.0.300 < 9.0)
      Saturn (>= 0.17 < 1.0)
    Saturn (0.17)
      FSharp.Control.Websockets (>= 0.2.2)
      Giraffe (>= 6.4)
      Microsoft.AspNetCore.Authentication.JwtBearer (>= 6.0.3)
    System.IdentityModel.Tokens.Jwt (7.6.2)
      Microsoft.IdentityModel.JsonWebTokens (>= 7.6.2)
      Microsoft.IdentityModel.Tokens (>= 7.6.2)
    System.Text.Encodings.Web (8.0)
    System.Text.Json (8.0.3)
      System.Text.Encodings.Web (>= 8.0)
